GEM
  remote: https://rubygems.org/
  specs:
    open_uri_redirections (0.1.4)

PLATFORMS
  ruby

DEPENDENCIES
  open_uri_redirections
